GEM
  remote: https://rubygems.org/
  specs:
    childprocess (0.7.1)
      ffi (~> 1.0, >= 1.0.11)
    ffi (1.9.18)
    rubyzip (1.2.1)
    selenium-webdriver (3.5.2)
      childprocess (~> 0.5)
      rubyzip (~> 1.0)
    test-unit (2.0.0.0)

PLATFORMS
  ruby

DEPENDENCIES
  selenium-webdriver (~> 3.5, >= 3.5.2)
  test-unit

BUNDLED WITH
   1.15.4
